GEM
  remote: http://rubygems.org/
  specs:
    actionmailer (4.2.10)
      actionpack (= 4.2.10)
      actionview (= 4.2.10)
      activejob (= 4.2.10)
      mail (~> 2.5, >= 2.5.4)
      rails-dom-testing (~> 1.0, >= 1.0.5)
    actionpack (4.2.10)
      actionview (= 4.2.10)
      activesupport (= 4.2.10)
      rack (~> 1.6)
      rack-test (~> 0.6.2)
      rails-dom-testing (~> 1.0, >= 1.0.5)
      rails-html-sanitizer (~> 1.0, >= 1.0.2)
    actionview (4.2.10)
      activesupport (= 4.2.10)
      builder (~> 3.1)
      erubis (~> 2.7.0)
      rails-dom-testing (~> 1.0, >= 1.0.5)
      rails-html-sanitizer (~> 1.0, >= 1.0.3)
    active_link_to (1.0.5)
      actionpack
      addressable
    activejob (4.2.10)
      activesupport (= 4.2.10)
      globalid (>= 0.3.0)
    activemodel (4.2.10)
      activesupport (= 4.2.10)
      builder (~> 3.1)
    activerecord (4.2.10)
      activemodel (= 4.2.10)
      activesupport (= 4.2.10)
      arel (~> 6.0)
    activerecord-session_store (1.1.1)
      actionpack (>= 4.0)
      activerecord (>= 4.0)
      multi_json (~> 1.11, >= 1.11.2)
      rack (>= 1.5.2, < 3)
      railties (>= 4.0)
    activesupport (4.2.10)
      i18n (~> 0.7)
      minitest (~> 5.1)
      thread_safe (~> 0.3, >= 0.3.4)
      tzinfo (~> 1.1)
    addressable (2.3.7)
    arel (6.0.4)
    autoprefixer-rails (8.4.1)
      execjs
    bcrypt (3.1.11)
    blacklight (5.15.0)
      bootstrap-sass (~> 3.2)
      deprecation
      kaminari (>= 0.15)
      nokogiri (~> 1.6)
      rails (>= 3.2.6, < 5)
      rsolr (~> 1.0.11)
    blacklight-marc (5.10.0)
      blacklight (~> 5.10)
      marc (>= 0.4.3, < 1.1)
      rails
    blacklight_advanced_search (5.3.1)
      blacklight (~> 5.15)
      parslet
    blacklight_google_analytics (0.0.1.pre3)
    blacklight_range_limit (5.2.0)
      blacklight (~> 5.15)
      jquery-rails
      rails (>= 3.0, < 5.0)
    bootstrap-sass (3.3.7)
      autoprefixer-rails (>= 5.2.1)
      sass (>= 3.3.4)
    bootstrap_form (2.7.0)
    builder (3.2.3)
    capybara (3.0.3)
      addressable
      mini_mime (>= 0.1.3)
      nokogiri (~> 1.8)
      rack (>= 1.6.0)
      rack-test (>= 0.6.3)
      xpath (~> 3.0)
    childprocess (0.9.0)
      ffi (~> 1.0, >= 1.0.11)
    ci_reporter (2.0.0)
      builder (>= 2.1.2)
    ci_reporter_rspec (1.0.0)
      ci_reporter (~> 2.0)
      rspec (>= 2.14, < 4)
    climate_control (0.2.0)
    cocaine (0.5.8)
      climate_control (>= 0.0.3, < 1.0)
    codemirror-rails (5.16.0)
      railties (>= 3.0, < 6.0)
    coffee-rails (4.1.1)
      coffee-script (>= 2.2.0)
      railties (>= 4.0.0, < 5.1.x)
    coffee-script (2.4.1)
      coffee-script-source
      execjs
    coffee-script-source (1.12.2)
    comfortable_mexican_sofa (1.12.9)
      active_link_to (>= 1.0.0)
      bootstrap-sass (>= 3.2.0)
      bootstrap_form (>= 2.2.0)
      codemirror-rails (>= 3.0.0)
      coffee-rails (>= 3.1.0)
      haml-rails (>= 0.3.0)
      jquery-rails (>= 3.0.0)
      jquery-ui-rails (>= 5.0.0)
      kramdown (>= 1.0.0)
      paperclip (>= 4.0.0)
      plupload-rails (>= 1.2.1)
      rails (>= 4.0.0, < 5)
      rails-i18n (>= 4.0.0)
      sass-rails (>= 4.0.3)
    concurrent-ruby (1.0.5)
    crass (1.0.4)
    daemons (1.2.6)
    deprecation (1.0.0)
      activesupport
    devise (4.4.3)
      bcrypt (~> 3.0)
      orm_adapter (~> 0.1)
      railties (>= 4.1.0, < 6.0)
      responders
      warden (~> 1.2.3)
    devise-guests (0.6.0)
      devise
    diff-lcs (1.3)
    docile (1.3.0)
    erubis (2.7.0)
    execjs (2.7.0)
    factory_girl (4.9.0)
      activesupport (>= 3.0.0)
    ffi (1.9.23)
    friendly_id (5.2.4)
      activerecord (>= 4.0.0)
    globalid (0.4.1)
      activesupport (>= 4.2.0)
    haml (5.0.4)
      temple (>= 0.8.0)
      tilt
    haml-rails (1.0.0)
      actionpack (>= 4.0.1)
      activesupport (>= 4.0.1)
      haml (>= 4.0.6, < 6.0)
      html2haml (>= 1.0.1)
      railties (>= 4.0.1)
    html2haml (2.2.0)
      erubis (~> 2.7.0)
      haml (>= 4.0, < 6)
      nokogiri (>= 1.6.0)
      ruby_parser (~> 3.5)
    htmlentities (4.3.4)
    i18n (0.9.5)
      concurrent-ruby (~> 1.0)
    jbuilder (2.7.0)
      activesupport (>= 4.2.0)
      multi_json (>= 1.2)
    jettywrapper (2.0.4)
      activesupport (>= 3.0.0)
      childprocess
      i18n
      logger
      rubyzip (~> 1.0)
    jquery-rails (4.3.3)
      rails-dom-testing (>= 1, < 3)
      railties (>= 4.2.0)
      thor (>= 0.14, < 2.0)
    jquery-ui-rails (6.0.1)
      railties (>= 3.2.16)
    json (1.8.6)
    kaminari (1.1.1)
      activesupport (>= 4.1.0)
      kaminari-actionview (= 1.1.1)
      kaminari-activerecord (= 1.1.1)
      kaminari-core (= 1.1.1)
    kaminari-actionview (1.1.1)
      actionview
      kaminari-core (= 1.1.1)
    kaminari-activerecord (1.1.1)
      activerecord
      kaminari-core (= 1.1.1)
    kaminari-core (1.1.1)
    kramdown (1.16.2)
    libv8 (3.16.14.19)
    logger (1.2.8)
    loofah (2.2.2)
      crass (~> 1.0.2)
      nokogiri (>= 1.5.9)
    mail (2.7.0)
      mini_mime (>= 0.1.1)
    marc (1.0.2)
      scrub_rb (>= 1.0.1, < 2)
      unf
    mime-types (3.1)
      mime-types-data (~> 3.2015)
    mime-types-data (3.2016.0521)
    mimemagic (0.3.0)
    mini_mime (1.0.0)
    mini_portile2 (2.3.0)
    minitest (5.11.3)
    multi_json (1.13.1)
    mysql2 (0.3.21)
    nokogiri (1.8.1)
      mini_portile2 (~> 2.3.0)
    om (3.1.1)
      activemodel
      activesupport
      nokogiri (>= 1.4.2)
      solrizer (~> 3.3)
    orm_adapter (0.5.0)
    paperclip (4.3.6)
      activemodel (>= 3.2.0)
      activesupport (>= 3.2.0)
      cocaine (~> 0.5.5)
      mime-types
      mimemagic (= 0.3.0)
    parslet (1.8.2)
    plupload-rails (1.2.1)
      rails (>= 3.1)
    puma (3.11.4)
    rack (1.6.10)
    rack-test (0.6.3)
      rack (>= 1.0)
    rails (4.2.10)
      actionmailer (= 4.2.10)
      actionpack (= 4.2.10)
      actionview (= 4.2.10)
      activejob (= 4.2.10)
      activemodel (= 4.2.10)
      activerecord (= 4.2.10)
      activesupport (= 4.2.10)
      bundler (>= 1.3.0, < 2.0)
      railties (= 4.2.10)
      sprockets-rails
    rails-deprecated_sanitizer (1.0.3)
      activesupport (>= 4.2.0.alpha)
    rails-dom-testing (1.0.9)
      activesupport (>= 4.2.0, < 5.0)
      nokogiri (~> 1.6)
      rails-deprecated_sanitizer (>= 1.0.1)
    rails-html-sanitizer (1.0.4)
      loofah (~> 2.2, >= 2.2.2)
    rails-i18n (4.0.9)
      i18n (~> 0.7)
      railties (~> 4.0)
    railties (4.2.10)
      actionpack (= 4.2.10)
      activesupport (= 4.2.10)
      rake (>= 0.8.7)
      thor (>= 0.18.1, < 2.0)
    rake (12.3.1)
    rb-fsevent (0.10.3)
    rb-inotify (0.9.10)
      ffi (>= 0.5.0, < 2)
    rdoc (4.3.0)
    ref (2.0.0)
    responders (2.4.0)
      actionpack (>= 4.2.0, < 5.3)
      railties (>= 4.2.0, < 5.3)
    rsolr (1.0.13)
      builder (>= 2.1.2)
    rspec (3.7.0)
      rspec-core (~> 3.7.0)
      rspec-expectations (~> 3.7.0)
      rspec-mocks (~> 3.7.0)
    rspec-collection_matchers (1.1.3)
      rspec-expectations (>= 2.99.0.beta1)
    rspec-core (3.7.1)
      rspec-support (~> 3.7.0)
    rspec-expectations (3.7.0)
      diff-lcs (>= 1.2.0, < 2.0)
      rspec-support (~> 3.7.0)
    rspec-mocks (3.7.0)
      diff-lcs (>= 1.2.0, < 2.0)
      rspec-support (~> 3.7.0)
    rspec-rails (3.7.2)
      actionpack (>= 3.0)
      activesupport (>= 3.0)
      railties (>= 3.0)
      rspec-core (~> 3.7.0)
      rspec-expectations (~> 3.7.0)
      rspec-mocks (~> 3.7.0)
      rspec-support (~> 3.7.0)
    rspec-solr (2.0.0)
      rspec (~> 3.0)
      rspec-collection_matchers
    rspec-support (3.7.1)
    ruby_parser (3.11.0)
      sexp_processor (~> 4.9)
    rubyzip (1.2.1)
    sass (3.5.6)
      sass-listen (~> 4.0.0)
    sass-listen (4.0.0)
      rb-fsevent (~> 0.9, >= 0.9.4)
      rb-inotify (~> 0.9, >= 0.9.7)
    sass-rails (5.0.7)
      railties (>= 4.0.0, < 6)
      sass (~> 3.1)
      sprockets (>= 2.8, < 4.0)
      sprockets-rails (>= 2.0, < 4.0)
      tilt (>= 1.1, < 3)
    scrub_rb (1.0.1)
    sdoc (0.4.2)
      json (~> 1.7, >= 1.7.7)
      rdoc (~> 4.0)
    selenium-webdriver (3.12.0)
      childprocess (~> 0.5)
      rubyzip (~> 1.2)
    sexp_processor (4.11.0)
    simplecov (0.16.1)
      docile (~> 1.1)
      json (>= 1.8, < 3)
      simplecov-html (~> 0.10.0)
    simplecov-html (0.10.2)
    solrizer (3.4.1)
      activesupport
      daemons
      nokogiri
      stomp
      xml-simple
    spring (2.0.2)
      activesupport (>= 4.2)
    sprockets (3.7.1)
      concurrent-ruby (~> 1.0)
      rack (> 1, < 3)
    sprockets-rails (3.2.1)
      actionpack (>= 4.0)
      activesupport (>= 4.0)
      sprockets (>= 3.0.0)
    stomp (1.4.4)
    temple (0.8.0)
    therubyracer (0.12.3)
      libv8 (~> 3.16.14.15)
      ref
    thor (0.20.0)
    thread_safe (0.3.6)
    tilt (2.0.8)
    turbolinks (2.5.3)
      coffee-rails
    tzinfo (1.2.5)
      thread_safe (~> 0.1)
    uglifier (4.1.10)
      execjs (>= 0.3.0, < 3)
    unf (0.1.4)
      unf_ext
    unf_ext (0.0.7.5)
    warden (1.2.7)
      rack (>= 1.0)
    xml-simple (1.1.5)
    xpath (3.0.0)
      nokogiri (~> 1.8)

PLATFORMS
  ruby

DEPENDENCIES
  activerecord-session_store
  addressable (= 2.3.7)
  blacklight (= 5.15.0)
  blacklight-marc (~> 5.10.0)
  blacklight_advanced_search
  blacklight_google_analytics
  blacklight_range_limit
  capybara
  ci_reporter_rspec
  coffee-rails (~> 4.1.0)
  comfortable_mexican_sofa (= 1.12.9)
  devise
  devise-guests
  factory_girl (~> 4.0)
  friendly_id
  htmlentities
  jbuilder (~> 2.0)
  jettywrapper (~> 2.0.3)
  jquery-rails
  mysql2 (~> 0.3.20)
  nokogiri (= 1.8.1)
  om
  paperclip (= 4.3.6)
  puma (~> 3.11)
  rails (~> 4.2)
  rspec
  rspec-rails
  rspec-solr
  sass-rails (~> 5.0.1)
  sdoc (~> 0.4.0)
  selenium-webdriver
  simplecov
  spring
  therubyracer
  turbolinks (= 2.5.3)
  uglifier (>= 1.3.0)

BUNDLED WITH
   1.16.1
